GIT
  remote: git://github.com/codegram/pickle.git
  revision: 929ee63
  ref: 929ee633
  specs:
    pickle (0.2.5)

GIT
  remote: git://github.com/mislav/will_paginate.git
  revision: 3615938
  branch: rails3
  specs:
    will_paginate (3.0.pre2)

GIT
  remote: git://github.com/rymai/devise_invitable.git
  revision: 95f2b5d
  tag: v0.6.2
  specs:
    devise_invitable (0.6.2)
      devise (= 1.1.rc2)
      rails (= 3.0.0.beta4)

GEM
  remote: http://rubygems.org/
  specs:
    ZenTest (4.3.3)
    abstract (1.0.0)
    actionmailer (3.0.0.beta4)
      actionpack (= 3.0.0.beta4)
      mail (~> 2.2.3)
    actionpack (3.0.0.beta4)
      activemodel (= 3.0.0.beta4)
      activesupport (= 3.0.0.beta4)
      builder (~> 2.1.2)
      erubis (~> 2.6.5)
      i18n (~> 0.4.1)
      rack (~> 1.1.0)
      rack-mount (~> 0.6.3)
      rack-test (~> 0.5.4)
      tzinfo (~> 0.3.16)
    activemodel (3.0.0.beta4)
      activesupport (= 3.0.0.beta4)
      builder (~> 2.1.2)
      i18n (~> 0.4.1)
    activerecord (3.0.0.beta4)
      activemodel (= 3.0.0.beta4)
      activesupport (= 3.0.0.beta4)
      arel (~> 0.4.0)
      tzinfo (~> 0.3.16)
    activeresource (3.0.0.beta4)
      activemodel (= 3.0.0.beta4)
      activesupport (= 3.0.0.beta4)
    activesupport (3.0.0.beta4)
    arel (0.4.0)
      activesupport (>= 3.0.0.beta)
    autotest (4.3.2)
    autotest-rails (4.1.0)
      ZenTest
    bcrypt-ruby (2.1.2)
    builder (2.1.2)
    cancan (1.3.2)
    capybara (0.3.8)
      culerity (>= 0.2.4)
      mime-types (>= 1.16)
      nokogiri (>= 1.3.3)
      rack (>= 1.0.0)
      rack-test (>= 0.5.2)
      selenium-webdriver (>= 0.0.3)
    columnize (0.3.1)
    cucumber (0.8.5)
      builder (~> 2.1.2)
      diff-lcs (~> 1.1.2)
      gherkin (~> 2.1.4)
      json_pure (~> 1.4.3)
      term-ansicolor (~> 1.0.4)
    cucumber-rails (0.3.2)
      cucumber (>= 0.8.0)
    culerity (0.2.10)
    devise (1.1.rc2)
      bcrypt-ruby (~> 2.1.2)
      warden (~> 0.10.7)
    diff-lcs (1.1.2)
    erubis (2.6.6)
      abstract (>= 1.0.0)
    factory_girl (1.3.2)
    factory_girl_rails (1.0)
      factory_girl (~> 1.3)
      rails (>= 3.0.0.beta4)
    ffi (0.6.3)
      rake (>= 0.8.7)
    gherkin (2.1.5)
      trollop (~> 1.16.2)
    i18n (0.4.1)
    json_pure (1.4.6)
    linecache (0.43)
    mail (2.2.5)
      activesupport (>= 2.3.6)
      mime-types
      treetop (>= 1.4.5)
    mime-types (1.16)
    mysql (2.8.1)
    nokogiri (1.4.3.1)
    pacecar (1.3.0)
    polyglot (0.3.1)
    rack (1.1.0)
    rack-mount (0.6.9)
      rack (>= 1.0.0)
    rack-test (0.5.4)
      rack (>= 1.0)
    rails (3.0.0.beta4)
      actionmailer (= 3.0.0.beta4)
      actionpack (= 3.0.0.beta4)
      activerecord (= 3.0.0.beta4)
      activeresource (= 3.0.0.beta4)
      activesupport (= 3.0.0.beta4)
      bundler (>= 0.9.26)
      railties (= 3.0.0.beta4)
    railties (3.0.0.beta4)
      actionpack (= 3.0.0.beta4)
      activesupport (= 3.0.0.beta4)
      rake (>= 0.8.3)
      thor (~> 0.13.6)
    rake (0.8.7)
    redgreen (1.2.2)
    rr (0.10.9)
    rspec (2.0.0.beta.19)
      rspec-core (= 2.0.0.beta.19)
      rspec-expectations (= 2.0.0.beta.19)
      rspec-mocks (= 2.0.0.beta.19)
    rspec-core (2.0.0.beta.19)
    rspec-expectations (2.0.0.beta.19)
      diff-lcs (>= 1.1.2)
    rspec-mocks (2.0.0.beta.19)
    rspec-rails (2.0.0.beta.19)
      rspec (= 2.0.0.beta.19)
      webrat (>= 0.7.2.beta.1)
    ruby-debug (0.10.3)
      columnize (>= 0.1)
      ruby-debug-base (~> 0.10.3.0)
    ruby-debug-base (0.10.3)
      linecache (>= 0.3)
    rubyzip (0.9.4)
    selenium-webdriver (0.0.27)
      ffi (>= 0.6.1)
      json_pure
      rubyzip
    simple-navigation (2.7.1)
    sqlite3-ruby (1.3.1)
    term-ansicolor (1.0.5)
    thor (0.13.8)
    treetop (1.4.8)
      polyglot (>= 0.3.1)
    trollop (1.16.2)
    tzinfo (0.3.22)
    warden (0.10.7)
      rack (>= 1.0.0)
    webrat (0.7.2.beta.1)
      nokogiri (>= 1.2.0)
      rack (>= 1.0)
      rack-test (>= 0.5.3)

PLATFORMS
  ruby

DEPENDENCIES
  autotest (= 4.3.2)
  autotest-rails (= 4.1.0)
  cancan (= 1.3.2)
  capybara (= 0.3.8)
  cucumber (= 0.8.5)
  cucumber-rails (= 0.3.2)
  devise (= 1.1.rc2)
  devise_invitable!
  factory_girl_rails
  mysql (= 2.8.1)
  pacecar (= 1.3.0)
  pickle!
  rails (= 3.0.0.beta4)
  redgreen (= 1.2.2)
  rr (= 0.10.9)
  rspec-rails (>= 2.0.0.beta.17)
  ruby-debug (= 0.10.3)
  simple-navigation (= 2.7.1)
  sqlite3-ruby
  will_paginate!
